GIT
  remote: git://github.com/bgentry/showoff
  revision: b692a0100616052498b52da24b1d3bb96589c66a
  specs:
    showoff (0.7.0)
      bluecloth
      gli (>= 1.3.2)
      json
      nokogiri
      parslet
      sinatra

GIT
  remote: git://github.com/bgentry/showoff-pusher
  revision: e7331292daba82cde445da130c8bca362a5c5304
  specs:
    showoff-pusher (0.0.1)
      pusher (~> 0.8.3)
      showoff (~> 0.7.0)

GEM
  remote: http://rubygems.org/
  specs:
    addressable (2.2.6)
    blankslate (2.1.2.4)
    bluecloth (2.1.0)
    crack (0.1.8)
    daemons (1.1.4)
    eventmachine (0.12.10)
    gli (1.3.3)
    heroku (2.8.4)
      launchy (>= 0.3.2)
      rest-client (~> 1.6.1)
      rubyzip
      term-ansicolor (~> 1.0.5)
    json (1.6.1)
    launchy (2.0.5)
      addressable (~> 2.2.6)
    mime-types (1.16)
    multi_json (1.0.3)
    nokogiri (1.5.0)
    parslet (1.2.3)
      blankslate (~> 2.0)
    pusher (0.8.3)
      crack (~> 0.1.0)
      multi_json (~> 1.0)
      ruby-hmac (~> 0.4.0)
      signature (~> 0.1.2)
    rack (1.3.3)
    rest-client (1.6.7)
      mime-types (>= 1.16)
    ruby-hmac (0.4.0)
    rubyzip (0.9.4)
    signature (0.1.2)
      ruby-hmac
    sinatra (1.2.6)
      rack (~> 1.1)
      tilt (>= 1.2.2, < 2.0)
    term-ansicolor (1.0.6)
    thin (1.2.11)
      daemons (>= 1.0.9)
      eventmachine (>= 0.12.6)
      rack (>= 1.0.0)
    tilt (1.3.3)

PLATFORMS
  ruby

DEPENDENCIES
  bluecloth
  gli
  heroku
  nokogiri
  showoff!
  showoff-pusher!
  thin
