GEM
  remote: http://rubygems.org/
  specs:
    blankslate (2.1.2.4)
    bluecloth (2.1.0)
    daemons (1.1.4)
    eventmachine (0.12.10)
    gli (1.3.3)
    json (1.6.0)
    nokogiri (1.5.0)
    parslet (1.2.1)
      blankslate (~> 2.0)
    pdfkit (0.5.2)
    rack (1.3.2)
    rmagick (2.13.1)
    showoff (0.7.0)
      bluecloth
      gli (>= 1.3.2)
      json
      nokogiri
      parslet
      sinatra
    sinatra (1.2.6)
      rack (~> 1.1)
      tilt (>= 1.2.2, < 2.0)
    thin (1.2.11)
      daemons (>= 1.0.9)
      eventmachine (>= 0.12.6)
      rack (>= 1.0.0)
    tilt (1.3.3)

PLATFORMS
  ruby

DEPENDENCIES
  pdfkit
  rmagick
  showoff
  thin
